GEM
  remote: https://nexus.trstone.com/repository/rubygems-all/
  specs:
    redis (4.0.3)

PLATFORMS
  ruby

DEPENDENCIES
  redis

BUNDLED WITH
   1.16.6
